GEM
  remote: https://rubygems.org/
  specs:
    minitest (5.15.0)

PLATFORMS
  arm64-darwin-21

DEPENDENCIES
  minitest

RUBY VERSION
   ruby 3.1.2p20

BUNDLED WITH
   2.3.12
